GEM
  remote: https://rubygems.org/
  specs:
<<<<<<< HEAD
    diff-lcs (1.3)
=======
    ast (2.4.0)
    diff-lcs (1.3)
    jaro_winkler (1.5.2)
    parallel (1.17.0)
    parser (2.6.3.0)
      ast (~> 2.4.0)
    powerpack (0.1.2)
    rainbow (3.0.0)
>>>>>>> 54157055ea77e04701e286ba347222b383c8280c
    rspec (3.8.0)
      rspec-core (~> 3.8.0)
      rspec-expectations (~> 3.8.0)
      rspec-mocks (~> 3.8.0)
    rspec-core (3.8.0)
      rspec-support (~> 3.8.0)
    rspec-expectations (3.8.3)
      diff-lcs (>= 1.2.0, < 2.0)
      rspec-support (~> 3.8.0)
    rspec-mocks (3.8.0)
      diff-lcs (>= 1.2.0, < 2.0)
      rspec-support (~> 3.8.0)
    rspec-support (3.8.0)
<<<<<<< HEAD
=======
    rubocop (0.60.0)
      jaro_winkler (~> 1.5.1)
      parallel (~> 1.10)
      parser (>= 2.5, != 2.5.1.1)
      powerpack (~> 0.1)
      rainbow (>= 2.2.2, < 4.0)
      ruby-progressbar (~> 1.7)
      unicode-display_width (~> 1.4.0)
    ruby-progressbar (1.10.0)
    unicode-display_width (1.4.1)
>>>>>>> 54157055ea77e04701e286ba347222b383c8280c

PLATFORMS
  ruby

DEPENDENCIES
  rspec
<<<<<<< HEAD

RUBY VERSION
   ruby 2.6.0p0

BUNDLED WITH
   1.17.2
=======
  rubocop (= 0.60.0)

RUBY VERSION
   ruby 2.3.7p456

BUNDLED WITH
   2.0.1
>>>>>>> 54157055ea77e04701e286ba347222b383c8280c
